GIT
  remote: git://github.com/actionverb/knife-ec2.git
  revision: e16ead0746313e80391227339e9dc4873ccadf99
  ref: e16ead0746313e80391227339e9dc4873ccadf99
  specs:
    knife-ec2 (0.5.13)
      chef (>= 0.10.10)
      fog (~> 1.3)

GEM
  remote: http://rubygems.org/
  specs:
    addressable (2.3.4)
    archive-tar-minitar (0.5.2)
    autoparse (0.3.3)
      addressable (>= 2.3.1)
      extlib (>= 0.9.15)
      multi_json (>= 1.0.0)
    builder (3.2.0)
    capistrano (2.13.5)
      highline
      net-scp (>= 1.0.0)
      net-sftp (>= 2.0.0)
      net-ssh (>= 2.0.14)
      net-ssh-gateway (>= 1.1.0)
    chef (11.4.4)
      erubis
      highline (>= 1.6.9)
      json (>= 1.4.4, <= 1.7.7)
      mixlib-authentication (>= 1.3.0)
      mixlib-cli (~> 1.3.0)
      mixlib-config (>= 1.1.2)
      mixlib-log (>= 1.3.0)
      mixlib-shellout
      net-ssh (~> 2.6)
      net-ssh-multi (~> 1.1.0)
      ohai (>= 0.6.0)
      rest-client (>= 1.0.4, < 1.7.0)
      yajl-ruby (~> 1.1)
    dotenv (0.7.0)
    erubis (2.7.0)
    excon (0.22.1)
    extlib (0.9.16)
    faraday (0.8.7)
      multipart-post (~> 1.1)
    fog (1.11.0)
      builder
      excon (~> 0.20)
      formatador (~> 0.2.0)
      google-api-client (~> 0.6.2)
      json (~> 1.7)
      mime-types
      net-scp (~> 1.1)
      net-ssh (>= 2.1.3)
      nokogiri (~> 1.5.0)
      ruby-hmac
    formatador (0.2.4)
    google-api-client (0.6.3)
      addressable (>= 2.3.2)
      autoparse (>= 0.3.3)
      extlib (>= 0.9.15)
      faraday (~> 0.8.4)
      jwt (>= 0.1.5)
      launchy (>= 2.1.1)
      multi_json (>= 1.0.0)
      signet (>= 0.4.4)
      uuidtools (>= 2.1.0)
    highline (1.6.19)
    ipaddress (0.8.0)
    json (1.7.7)
    jwt (0.1.8)
      multi_json (>= 1.5)
    knife-solo (0.2.0)
      chef (>= 10.12)
      librarian (~> 0.0.20)
      net-ssh (>= 2.2.2, < 3.0)
    knife-solo_data_bag (0.3.2)
    launchy (2.3.0)
      addressable (~> 2.3)
    librarian (0.0.26)
      archive-tar-minitar (>= 0.5.2)
      chef (>= 0.10)
      highline
      thor (~> 0.15)
    mime-types (1.23)
    mixlib-authentication (1.3.0)
      mixlib-log
    mixlib-cli (1.3.0)
    mixlib-config (1.1.2)
    mixlib-log (1.6.0)
    mixlib-shellout (1.1.0)
    multi_json (1.7.3)
    multipart-post (1.2.0)
    net-scp (1.1.1)
      net-ssh (>= 2.6.5)
    net-sftp (2.0.5)
      net-ssh (>= 2.0.9)
    net-ssh (2.6.7)
    net-ssh-gateway (1.2.0)
      net-ssh (>= 2.6.5)
    net-ssh-multi (1.1)
      net-ssh (>= 2.1.4)
      net-ssh-gateway (>= 0.99.0)
    nokogiri (1.5.9)
    ohai (6.16.0)
      ipaddress
      mixlib-cli
      mixlib-config
      mixlib-log
      mixlib-shellout
      systemu
      yajl-ruby
    rest-client (1.6.7)
      mime-types (>= 1.16)
    ruby-hmac (0.4.0)
    signet (0.4.5)
      addressable (>= 2.2.3)
      faraday (~> 0.8.1)
      jwt (>= 0.1.5)
      multi_json (>= 1.0.0)
    systemu (2.5.2)
    terminal-table (1.4.5)
    thor (0.18.1)
    uuidtools (2.1.4)
    yajl-ruby (1.1.0)

PLATFORMS
  ruby

DEPENDENCIES
  capistrano
  dotenv
  knife-ec2!
  knife-solo
  knife-solo_data_bag
  librarian
  terminal-table
  thor
